PATH
  remote: .
  specs:
    swish (0.6.2)
      crack (~> 0.1.8)
      httparty (~> 0.6.1)
      json_pure (~> 1.4.6)

GEM
  remote: http://rubygems.org/
  specs:
    crack (0.1.8)
    httparty (0.6.1)
      crack (= 0.1.8)
    json_pure (1.4.6)

PLATFORMS
  ruby

DEPENDENCIES
  crack (~> 0.1.8)
  httparty (~> 0.6.1)
  json_pure (~> 1.4.6)
  swish!
