PATH
  remote: .
  specs:
    swish (0.8.1)
      crack (>= 0.1.8)
      httparty (>= 0.6.1)

GEM
  remote: https://rubygems.org/
  specs:
    crack (0.4.2)
      safe_yaml (~> 1.0.0)
    httparty (0.13.5)
      json (~> 1.8)
      multi_xml (>= 0.5.2)
    json (1.8.3)
    multi_xml (0.5.5)
    power_assert (0.2.3)
    rake (10.4.2)
    safe_yaml (1.0.4)
    test-unit (3.1.2)
      power_assert

PLATFORMS
  ruby

DEPENDENCIES
  rake
  swish!
  test-unit

BUNDLED WITH
   1.10.2
